GEM
  remote: https://rubygems.org/
  specs:
    multi_json (1.15.0)
    mustermann (3.0.0)
      ruby2_keywords (~> 0.0.1)
    rack (2.2.8.1)
    rack-protection (3.0.4)
      rack
    rake (13.0.6)
    ruby2_keywords (0.0.5)
    sinatra (3.0.4)
      mustermann (~> 3.0)
      rack (~> 2.2, >= 2.2.4)
      rack-protection (= 3.0.4)
      tilt (~> 2.0)
    sinatra-contrib (3.0.4)
      multi_json
      mustermann (~> 3.0)
      rack-protection (= 3.0.4)
      sinatra (= 3.0.4)
      tilt (~> 2.0)
    tilt (2.1.0)
    webrick (1.8.2)

PLATFORMS
  ruby

DEPENDENCIES
  rake
  sinatra (= 3.0.4)
  sinatra-contrib (= 3.0.4)
  webrick (~> 1.8)

BUNDLED WITH
   2.2.22
