GEM
  remote: https://rubygems.org/
  specs:
    base64 (0.2.0)
    ffi (1.17.0)
    listen (3.9.0)
      rb-fsevent (~> 0.10, >= 0.10.3)
      rb-inotify (~> 0.9, >= 0.9.10)
    logger (1.6.1)
    mustermann (3.0.3)
      ruby2_keywords (~> 0.0.1)
    rack (3.1.10)
    rack-protection (4.1.0)
      base64 (>= 0.1.0)
      logger (>= 1.6.0)
      rack (>= 3.0.0, < 4)
    rack-session (2.0.0)
      rack (>= 3.0.0)
    rackup (2.2.0)
      rack (>= 3)
    rake (13.2.1)
    rb-fsevent (0.11.2)
    rb-inotify (0.11.1)
      ffi (~> 1.0)
    rerun (0.14.0)
      listen (~> 3.0)
    ruby2_keywords (0.0.5)
    sinatra (4.1.0)
      logger (>= 1.6.0)
      mustermann (~> 3.0)
      rack (>= 3.0.0, < 4)
      rack-protection (= 4.1.0)
      rack-session (>= 2.0.0, < 3)
      tilt (~> 2.0)
    tilt (2.4.0)
    webrick (1.9.0)

PLATFORMS
  ruby

DEPENDENCIES
  rackup (~> 2.2)
  rake
  rerun (~> 0.14.0)
  sinatra (= 4.1.0)
  webrick (~> 1.8)

BUNDLED WITH
   2.2.22
